GIT
  remote: https://github.com/travis-ci/chirp.git
  revision: d3ea4b669792264d5099ee915a3b8beed7cfa4d0
  specs:
    chirp (0.1.0)
      aws-sdk-s3 (~> 1)
      faraday (~> 0.15)
      faraday_middleware (~> 0.12)

GEM
  remote: https://rubygems.org/
  specs:
    aws-eventstream (1.0.1)
    aws-partitions (1.106.0)
    aws-sdk-core (3.34.0)
      aws-eventstream (~> 1.0)
      aws-partitions (~> 1.0)
      aws-sigv4 (~> 1.0)
      jmespath (~> 1.0)
    aws-sdk-kms (1.10.0)
      aws-sdk-core (~> 3, >= 3.26.0)
      aws-sigv4 (~> 1.0)
    aws-sdk-s3 (1.22.0)
      aws-sdk-core (~> 3, >= 3.26.0)
      aws-sdk-kms (~> 1)
      aws-sigv4 (~> 1.0)
    aws-sigv4 (1.0.3)
    faraday (0.15.3)
      multipart-post (>= 1.2, < 3)
    faraday_middleware (0.12.2)
      faraday (>= 0.7.4, < 1.0)
    jmespath (1.4.0)
    multipart-post (2.0.0)

PLATFORMS
  ruby

DEPENDENCIES
  chirp!

BUNDLED WITH
   1.16.1
